PATH
  remote: .
  specs:
    adapter-postgres (0.1.0)
      adapter (~> 0.5.1)
      pg (~> 0.10.1)

GEM
  remote: http://rubygems.org/
  specs:
    adapter (0.5.2)
    diff-lcs (1.1.2)
    git (1.2.5)
    i18n (0.5.0)
    jeweler (1.6.0)
      bundler (~> 1.0.0)
      git (>= 1.2.5)
      rake
    log_buddy (0.5.0)
    pg (0.10.1)
    rake (0.8.7)
    rspec (2.4.0)
      rspec-core (~> 2.4.0)
      rspec-expectations (~> 2.4.0)
      rspec-mocks (~> 2.4.0)
    rspec-core (2.4.0)
    rspec-expectations (2.4.0)
      diff-lcs (~> 1.1.2)
    rspec-mocks (2.4.0)
    timecop (0.3.5)
    yajl-ruby (0.7.9)

PLATFORMS
  ruby

DEPENDENCIES
  adapter-postgres!
  i18n (= 0.5.0)
  jeweler
  log_buddy (~> 0.5.0)
  rspec (~> 2.3)
  timecop (~> 0.3.5)
  yajl-ruby
